GEM
  remote: https://rubygems.org/
  specs:
    addressable (2.3.5)
    bourbon (3.1.8)
      sass (>= 3.2.0)
      thor
    coffee-script (2.2.0)
      coffee-script-source
      execjs
    coffee-script-source (1.7.0)
    execjs (2.0.2)
    grater (0.1.5)
      sass (>= 3.2.0)
    hike (1.2.3)
    json (1.8.1)
    multi_json (1.9.2)
    puma (2.8.1)
      rack (>= 1.1, < 2.0)
    rack (1.5.2)
    rack-canonical-host (0.0.9)
      addressable
      rack (~> 1.0)
    rack-protection (1.5.2)
      rack
    rake (10.1.1)
    sass (3.3.4)
    shotgun (0.9)
      rack (>= 1.0)
    sinatra (1.4.4)
      rack (~> 1.4)
      rack-protection (~> 1.4)
      tilt (~> 1.3, >= 1.3.4)
    sprockets (2.12.0)
      hike (~> 1.2)
      multi_json (~> 1.0)
      rack (~> 1.0)
      tilt (~> 1.1, != 1.3.0)
    sprockets-sass (1.0.3)
      sprockets (~> 2.0)
      tilt (~> 1.1)
    thor (0.19.0)
    tilt (1.4.1)
    uglifier (2.5.0)
      execjs (>= 0.3.0)
      json (>= 1.8.0)

PLATFORMS
  ruby

DEPENDENCIES
  bourbon
  coffee-script
  grater
  puma
  rack-canonical-host
  rake
  sass
  shotgun
  sinatra
  sprockets-sass
  uglifier
